GEM
  remote: https://rubygems.org/
  specs:
    memory_profiler (1.0.1)

PLATFORMS
  ruby

DEPENDENCIES
  memory_profiler (~> 1.0, >= 1.0.1)

BUNDLED WITH
   2.4.10
